GEM
  remote: https://rubygems.org/
  specs:
    addressable (2.8.6)
      public_suffix (>= 2.0.2, < 6.0)
    base64 (0.2.0)
    bigdecimal (3.1.6)
    coderay (1.1.3)
    colorize (1.1.0)
    concurrent-ruby (1.2.3)
    crack (0.4.5)
      rexml
    csv (3.2.8)
    dentaku (3.5.2)
      concurrent-ruby
    diff-lcs (1.5.0)
    hashdiff (1.1.0)
    method_source (1.0.0)
    mini_portile2 (2.8.5)
    nokogiri (1.16.0)
      mini_portile2 (~> 2.8.2)
      racc (~> 1.4)
    nokogiri (1.16.0-x86_64-linux)
      racc (~> 1.4)
    pry (0.14.2)
      coderay (~> 1.1)
      method_source (~> 1.0)
    pry-nav (1.0.0)
      pry (>= 0.9.10, < 0.15)
    public_suffix (5.0.4)
    racc (1.7.3)
    rake (13.1.0)
    rbtree (0.4.6)
    rexml (3.2.6)
    rspec (3.12.0)
      rspec-core (~> 3.12.0)
      rspec-expectations (~> 3.12.0)
      rspec-mocks (~> 3.12.0)
    rspec-core (3.12.2)
      rspec-support (~> 3.12.0)
    rspec-expectations (3.12.3)
      diff-lcs (>= 1.2.0, < 2.0)
      rspec-support (~> 3.12.0)
    rspec-mocks (3.12.6)
      diff-lcs (>= 1.2.0, < 2.0)
      rspec-support (~> 3.12.0)
    rspec-support (3.12.1)
    set (1.1.0)
    sorted_set (1.0.3)
      rbtree
      set (~> 1.0)
    webmock (3.19.1)
      addressable (>= 2.8.0)
      crack (>= 0.3.2)
      hashdiff (>= 0.4.0, < 2.0.0)

PLATFORMS
  ruby
  x86_64-linux

DEPENDENCIES
  base64 (~> 0.2)
  bigdecimal (~> 3.1)
  colorize (~> 1.1)
  csv (~> 3.2)
  dentaku (~> 3.5)
  nokogiri (~> 1.16)
  pry (~> 0.14.1)
  pry-nav (~> 1.0)
  rake (~> 13.0)
  rspec (~> 3.12)
  sorted_set (~> 1.0)
  webmock (~> 3.19)

BUNDLED WITH
   2.5.3
